PATH
  remote: .
  specs:
    spree_google_base-2-3-stable (2.0.1)

GEM
  remote: http://rubygems.org/
  specs:

PLATFORMS
  ruby

DEPENDENCIES
  spree_google_base-2-3-stable!
